GEM
  remote: https://rubygems.org/
  specs:
    aws-sdk (2.0.32)
      aws-sdk-resources (= 2.0.32)
    aws-sdk-core (2.0.32)
      builder (~> 3.0)
      jmespath (~> 1.0)
      multi_json (~> 1.0)
      multi_xml (~> 0.5)
    aws-sdk-resources (2.0.32)
      aws-sdk-core (= 2.0.32)
    builder (3.2.2)
    jmespath (1.0.2)
      multi_json (~> 1.0)
    json (1.8.2)
    multi_json (1.11.0)
    multi_xml (0.5.5)
    net-ssh (2.9.2)

PLATFORMS
  ruby

DEPENDENCIES
  aws-sdk (~> 2)
  json
  net-ssh
